GEM
  remote: https://rubygems.org/
  specs:
    awesome_print (1.8.0)
    mini_portile2 (2.3.0)
    nokogiri (1.8.5)
      mini_portile2 (~> 2.3.0)

PLATFORMS
  ruby

DEPENDENCIES
  awesome_print
  nokogiri

BUNDLED WITH
   1.16.5
